GEM
  remote: https://rubygems.org/
  specs:
    actionmailer (4.2.0)
      actionpack (= 4.2.0)
      actionview (= 4.2.0)
      activejob (= 4.2.0)
      mail (~> 2.5, >= 2.5.4)
      rails-dom-testing (~> 1.0, >= 1.0.5)
    actionpack (4.2.0)
      actionview (= 4.2.0)
      activesupport (= 4.2.0)
      rack (~> 1.6.0)
      rack-test (~> 0.6.2)
      rails-dom-testing (~> 1.0, >= 1.0.5)
      rails-html-sanitizer (~> 1.0, >= 1.0.1)
    actionview (4.2.0)
      activesupport (= 4.2.0)
      builder (~> 3.1)
      erubis (~> 2.7.0)
      rails-dom-testing (~> 1.0, >= 1.0.5)
      rails-html-sanitizer (~> 1.0, >= 1.0.1)
    active_model_serializers (0.8.1)
      activemodel (>= 3.0)
    activejob (4.2.0)
      activesupport (= 4.2.0)
      globalid (>= 0.3.0)
    activemodel (4.2.0)
      activesupport (= 4.2.0)
      builder (~> 3.1)
    activerecord (4.2.0)
      activemodel (= 4.2.0)
      activesupport (= 4.2.0)
      arel (~> 6.0)
    activesupport (4.2.0)
      i18n (~> 0.7)
      json (~> 1.7, >= 1.7.7)
      minitest (~> 5.1)
      thread_safe (~> 0.3, >= 0.3.4)
      tzinfo (~> 1.1)
    arel (6.0.0)
    asset_sync (1.0.0)
      activemodel
      fog (>= 1.8.0)
    attribute_normalizer (1.1.0)
    builder (3.2.2)
    coffee-rails (4.0.0)
      coffee-script (>= 2.2.0)
      railties (>= 4.0.0.beta, < 5.0)
    coffee-script (2.2.0)
      coffee-script-source
      execjs
    coffee-script-source (1.6.3)
    dalli (2.6.4)
    erubis (2.7.0)
    exception_notification (4.0.0)
      actionmailer (>= 3.0.4)
      activesupport (>= 3.0.4)
    excon (0.25.3)
    execjs (2.0.0)
    figaro (0.7.0)
      bundler (~> 1.0)
      rails (>= 3, < 5)
    fog (1.15.0)
      builder
      excon (~> 0.25.0)
      formatador (~> 0.2.0)
      mime-types
      multi_json (~> 1.0)
      net-scp (~> 1.1)
      net-ssh (>= 2.1.3)
      nokogiri (~> 1.5)
      ruby-hmac
    formatador (0.2.4)
    globalid (0.3.2)
      activesupport (>= 4.1.0)
    heroku-deflater (0.5.1)
      rack (>= 1.4.5)
    hike (1.2.3)
    i18n (0.7.0)
    indefinite_article (0.2.0)
      activesupport
    jbuilder (1.5.1)
      activesupport (>= 3.0.0)
      multi_json (>= 1.2.0)
    jquery-rails (3.0.4)
      railties (>= 3.0, < 5.0)
      thor (>= 0.14, < 2.0)
    jquery-ui-rails (4.0.4)
      jquery-rails
      railties (>= 3.1.0)
    json (1.8.0)
    kgio (2.8.0)
    loofah (2.0.1)
      nokogiri (>= 1.5.9)
    mail (2.6.3)
      mime-types (>= 1.16, < 3)
    memcachier (0.0.2)
    mime-types (2.4.3)
    mini_portile (0.5.1)
    minitest (5.5.1)
    multi_json (1.10.1)
    net-scp (1.1.2)
      net-ssh (>= 2.6.5)
    net-ssh (2.6.8)
    newrelic_rpm (3.6.6.147)
    nokogiri (1.6.0)
      mini_portile (~> 0.5.0)
    pg (0.16.0)
    rack (1.6.0)
    rack-test (0.6.3)
      rack (>= 1.0)
    rails (4.2.0)
      actionmailer (= 4.2.0)
      actionpack (= 4.2.0)
      actionview (= 4.2.0)
      activejob (= 4.2.0)
      activemodel (= 4.2.0)
      activerecord (= 4.2.0)
      activesupport (= 4.2.0)
      bundler (>= 1.3.0, < 2.0)
      railties (= 4.2.0)
      sprockets-rails
    rails-deprecated_sanitizer (1.0.3)
      activesupport (>= 4.2.0.alpha)
    rails-dom-testing (1.0.5)
      activesupport (>= 4.2.0.beta, < 5.0)
      nokogiri (~> 1.6.0)
      rails-deprecated_sanitizer (>= 1.0.1)
    rails-html-sanitizer (1.0.1)
      loofah (~> 2.0)
    rails_12factor (0.0.2)
      rails_serve_static_assets
      rails_stdout_logging
    rails_serve_static_assets (0.0.1)
    rails_stdout_logging (0.0.1)
    railties (4.2.0)
      actionpack (= 4.2.0)
      activesupport (= 4.2.0)
      rake (>= 0.8.7)
      thor (>= 0.18.1, < 2.0)
    raindrops (0.11.0)
    rake (10.4.2)
    rdoc (3.12.2)
      json (~> 1.4)
    ruby-hmac (0.4.0)
    sass (3.2.10)
    sass-rails (4.0.0)
      railties (>= 4.0.0.beta, < 5.0)
      sass (>= 3.1.10)
      sprockets-rails (~> 2.0.0)
    sdoc (0.3.20)
      json (>= 1.1.3)
      rdoc (~> 3.10)
    simple_form (1.4.1)
    sprockets (2.12.3)
      hike (~> 1.2)
      multi_json (~> 1.0)
      rack (~> 1.0)
      tilt (~> 1.1, != 1.3.0)
    sprockets-rails (2.0.1)
      actionpack (>= 3.0)
      activesupport (>= 3.0)
      sprockets (~> 2.8)
    thor (0.19.1)
    thread_safe (0.3.4)
    tilt (1.4.1)
    tzinfo (1.2.2)
      thread_safe (~> 0.1)
    uglifier (2.2.0)
      execjs (>= 0.3.0)
      multi_json (~> 1.0, >= 1.0.2)
    unicorn (4.6.3)
      kgio (~> 2.6)
      rack
      raindrops (~> 0.7)
    wicked_pdf (0.9.7)
      rails
    wkhtmltopdf-heroku (1.0.0)

PLATFORMS
  ruby

DEPENDENCIES
  active_model_serializers
  asset_sync
  attribute_normalizer
  coffee-rails (~> 4.0.0)
  dalli
  exception_notification
  figaro
  heroku-deflater
  indefinite_article
  jbuilder (~> 1.2)
  jquery-rails
  jquery-ui-rails
  memcachier
  newrelic_rpm
  pg
  rails (= 4.2)
  rails_12factor
  sass-rails (~> 4.0.0)
  sdoc
  simple_form
  uglifier (>= 1.3.0)
  unicorn
  wicked_pdf
  wkhtmltopdf-heroku
